GEM
  remote: https://rubygems.org/
  specs:
    coderay (1.1.3)
    method_source (1.0.0)
    pg (1.4.6)
    pry (0.14.2)
      coderay (~> 1.1)
      method_source (~> 1.0)
    sequel (5.65.0)

PLATFORMS
  ruby

DEPENDENCIES
  pg
  pry
  sequel

BUNDLED WITH
   1.17.2
